PATH
  remote: .
  specs:
    bucky-core (0.10.25)
      addressable (~> 2.5)
      color_echo (~> 3.1)
      json (~> 2.3.0)
      nokogiri (~> 1.11.1)
      parallel (~> 1.11)
      ruby-mysql (~> 2.9)
      selenium-webdriver (~> 4.11)
      sequel (~> 5.71)
      test-unit (~> 3.2)

GEM
  remote: https://rubygems.org/
  specs:
    addressable (2.8.5)
      public_suffix (>= 2.0.2, < 6.0)
    ansi (1.5.0)
    ast (2.4.2)
    awesome_print (1.9.2)
    binding_of_caller (1.0.0)
      debug_inspector (>= 0.0.1)
    byebug (11.1.3)
    coderay (1.1.3)
    color_echo (3.1.1)
    debug_inspector (1.1.0)
    diff-lcs (1.5.0)
    docile (1.1.5)
    hirb (0.7.3)
    jaro_winkler (1.5.6)
    json (2.3.1)
    method_source (1.0.0)
    mini_portile2 (2.5.3)
    nokogiri (1.11.7)
      mini_portile2 (~> 2.5.0)
      racc (~> 1.4)
    parallel (1.23.0)
    parser (3.2.2.3)
      ast (~> 2.4.1)
      racc
    power_assert (2.0.3)
    pry (0.14.2)
      coderay (~> 1.1)
      method_source (~> 1.0)
    pry-byebug (3.10.1)
      byebug (~> 11.0)
      pry (>= 0.13, < 0.15)
    pry-stack_explorer (0.6.1)
      binding_of_caller (~> 1.0)
      pry (~> 0.13)
    public_suffix (5.0.3)
    racc (1.7.1)
    rainbow (3.1.1)
    rake (13.0.6)
    rexml (3.2.6)
    rspec (3.12.0)
      rspec-core (~> 3.12.0)
      rspec-expectations (~> 3.12.0)
      rspec-mocks (~> 3.12.0)
    rspec-core (3.12.2)
      rspec-support (~> 3.12.0)
    rspec-expectations (3.12.3)
      diff-lcs (>= 1.2.0, < 2.0)
      rspec-support (~> 3.12.0)
    rspec-mocks (3.12.6)
      diff-lcs (>= 1.2.0, < 2.0)
      rspec-support (~> 3.12.0)
    rspec-support (3.12.1)
    rspec_junit_formatter (0.6.0)
      rspec-core (>= 2, < 4, != 2.12.0)
    rubocop (0.68.1)
      jaro_winkler (~> 1.5.1)
      parallel (~> 1.10)
      parser (>= 2.5, != 2.5.1.1)
      rainbow (>= 2.2.2, < 4.0)
      ruby-progressbar (~> 1.7)
      unicode-display_width (>= 1.4.0, < 1.6)
    ruby-mysql (2.11.1)
    ruby-progressbar (1.13.0)
    rubyzip (2.3.2)
    selenium-webdriver (4.11.0)
      rexml (~> 3.2, >= 3.2.5)
      rubyzip (>= 1.2.2, < 3.0)
      websocket (~> 1.0)
    sequel (5.71.0)
    simplecov (0.15.1)
      docile (~> 1.1.0)
      json (>= 1.8, < 3)
      simplecov-html (~> 0.10.0)
    simplecov-console (0.4.2)
      ansi
      hirb
      simplecov
    simplecov-html (0.10.2)
    test-unit (3.6.1)
      power_assert
    unicode-display_width (1.5.0)
    websocket (1.2.9)

PLATFORMS
  aarch64-linux-musl

DEPENDENCIES
  awesome_print (~> 1.8)
  bucky-core!
  bundler (~> 2.0)
  hirb (~> 0.7)
  pry (~> 0.10)
  pry-byebug (~> 3.4)
  pry-stack_explorer (~> 0.4)
  rake (~> 13)
  rspec (~> 3.6)
  rspec_junit_formatter (~> 0.3)
  rubocop (~> 0.68.1)
  simplecov (~> 0.15.1)
  simplecov-console (~> 0.4.2)

BUNDLED WITH
   2.4.19
