PATH
  remote: .
  specs:
    bucky-core (0.9.7)
      color_echo (~> 3.1)
      json (~> 2.1)
      nokogiri (~> 1.8)
      parallel (~> 1.11)
      ruby-mysql (~> 2.9)
      selenium-webdriver (~> 3.4)
      sequel (~> 4.48)
      test-unit (~> 3.2)

GEM
  remote: https://rubygems.org/
  specs:
    ansi (1.5.0)
    ast (2.4.0)
    awesome_print (1.8.0)
    binding_of_caller (0.8.0)
      debug_inspector (>= 0.0.1)
    byebug (9.1.0)
    childprocess (1.0.1)
      rake (< 13.0)
    coderay (1.1.2)
    color_echo (3.1.1)
    debug_inspector (0.0.3)
    diff-lcs (1.3)
    docile (1.1.5)
    hirb (0.7.3)
    jaro_winkler (1.5.2)
    json (2.1.0)
    method_source (0.9.0)
    mini_portile2 (2.4.0)
    nokogiri (1.10.3)
      mini_portile2 (~> 2.4.0)
    parallel (1.12.1)
    parser (2.6.3.0)
      ast (~> 2.4.0)
    power_assert (1.1.4)
    pry (0.11.3)
      coderay (~> 1.1.0)
      method_source (~> 0.9.0)
    pry-byebug (3.5.1)
      byebug (~> 9.1)
      pry (~> 0.10)
    pry-stack_explorer (0.4.9.2)
      binding_of_caller (>= 0.7)
      pry (>= 0.9.11)
    rainbow (3.0.0)
    rake (12.3.0)
    rspec (3.7.0)
      rspec-core (~> 3.7.0)
      rspec-expectations (~> 3.7.0)
      rspec-mocks (~> 3.7.0)
    rspec-core (3.7.1)
      rspec-support (~> 3.7.0)
    rspec-expectations (3.7.0)
      diff-lcs (>= 1.2.0, < 2.0)
      rspec-support (~> 3.7.0)
    rspec-mocks (3.7.0)
      diff-lcs (>= 1.2.0, < 2.0)
      rspec-support (~> 3.7.0)
    rspec-support (3.7.0)
    rspec_junit_formatter (0.3.0)
      rspec-core (>= 2, < 4, != 2.12.0)
    rubocop (0.68.1)
      jaro_winkler (~> 1.5.1)
      parallel (~> 1.10)
      parser (>= 2.5, != 2.5.1.1)
      rainbow (>= 2.2.2, < 4.0)
      ruby-progressbar (~> 1.7)
      unicode-display_width (>= 1.4.0, < 1.6)
    ruby-mysql (2.9.14)
    ruby-progressbar (1.10.0)
    rubyzip (1.2.2)
    selenium-webdriver (3.142.2)
      childprocess (>= 0.5, < 2.0)
      rubyzip (~> 1.2, >= 1.2.2)
    sequel (4.49.0)
    simplecov (0.15.1)
      docile (~> 1.1.0)
      json (>= 1.8, < 3)
      simplecov-html (~> 0.10.0)
    simplecov-console (0.4.2)
      ansi
      hirb
      simplecov
    simplecov-html (0.10.2)
    test-unit (3.3.3)
      power_assert
    unicode-display_width (1.5.0)

PLATFORMS
  ruby

DEPENDENCIES
  awesome_print (~> 1.8)
  bucky-core!
  bundler (~> 1.15)
  hirb (~> 0.7)
  pry (~> 0.10)
  pry-byebug (~> 3.4)
  pry-stack_explorer (~> 0.4)
  rake (~> 12)
  rspec (~> 3.6)
  rspec_junit_formatter (~> 0.3)
  rubocop (~> 0.63)
  simplecov-console (~> 0.4.2)

BUNDLED WITH
   1.17.3
